PATH
  remote: ../rubyprobot
  specs:
    rubyprobot (0.1.0)
      aws-sdk-secretsmanager (~> 1.41, >= 1.41.0)
      config (~> 2.2, >= 2.2.1)
      httparty (~> 0.17, >= 0.17)
      json (~> 2.3, >= 2.3)
      jwt (~> 2.2, >= 2.2.2)
      ld-eventsource (~> 1.0, >= 1.0.3)
      netaddr (~> 2.0, >= 2.0.4)
      octokit (~> 4.0, >= 4.18)
      sentry-raven (~> 3.0, >= 3.0.4)
      sinatra (~> 2.0, >= 2.0)
      thin (~> 1.7, >= 1.7.2)

GEM
  remote: https://gems.vip.global.square/
  specs:
    addressable (2.7.0)
      public_suffix (>= 2.0.2, < 5.0)
    ast (2.4.1)
    aws-eventstream (1.1.0)
    aws-partitions (1.380.0)
    aws-sdk-core (3.109.0)
      aws-eventstream (~> 1, >= 1.0.2)
      aws-partitions (~> 1, >= 1.239.0)
      aws-sigv4 (~> 1.1)
      jmespath (~> 1.0)
    aws-sdk-secretsmanager (1.43.0)
      aws-sdk-core (~> 3, >= 3.109.0)
      aws-sigv4 (~> 1.1)
    aws-sigv4 (1.2.2)
      aws-eventstream (~> 1, >= 1.0.2)
    concurrent-ruby (1.1.7)
    config (2.2.1)
      deep_merge (~> 1.2, >= 1.2.1)
      dry-validation (~> 1.0, >= 1.0.0)
    daemons (1.3.1)
    debase (0.2.4.1)
      debase-ruby_core_source (>= 0.10.2)
    debase-ruby_core_source (0.10.11)
    deep_merge (1.2.1)
    diff-lcs (1.4.4)
    dry-configurable (0.11.6)
      concurrent-ruby (~> 1.0)
      dry-core (~> 0.4, >= 0.4.7)
      dry-equalizer (~> 0.2)
    dry-container (0.7.2)
      concurrent-ruby (~> 1.0)
      dry-configurable (~> 0.1, >= 0.1.3)
    dry-core (0.4.9)
      concurrent-ruby (~> 1.0)
    dry-equalizer (0.3.0)
    dry-inflector (0.2.0)
    dry-initializer (3.0.4)
    dry-logic (1.0.8)
      concurrent-ruby (~> 1.0)
      dry-core (~> 0.2)
      dry-equalizer (~> 0.2)
    dry-schema (1.5.4)
      concurrent-ruby (~> 1.0)
      dry-configurable (~> 0.8, >= 0.8.3)
      dry-core (~> 0.4)
      dry-equalizer (~> 0.2)
      dry-initializer (~> 3.0)
      dry-logic (~> 1.0)
      dry-types (~> 1.4)
    dry-types (1.4.0)
      concurrent-ruby (~> 1.0)
      dry-container (~> 0.3)
      dry-core (~> 0.4, >= 0.4.4)
      dry-equalizer (~> 0.3)
      dry-inflector (~> 0.1, >= 0.1.2)
      dry-logic (~> 1.0, >= 1.0.2)
    dry-validation (1.5.6)
      concurrent-ruby (~> 1.0)
      dry-container (~> 0.7, >= 0.7.1)
      dry-core (~> 0.4)
      dry-equalizer (~> 0.2)
      dry-initializer (~> 3.0)
      dry-schema (~> 1.5, >= 1.5.2)
    eventmachine (1.2.7)
    faraday (1.0.1)
      multipart-post (>= 1.2, < 3)
    hitimes (1.3.1)
    http_tools (0.4.5)
    httparty (0.18.1)
      mime-types (~> 3.0)
      multi_xml (>= 0.5.2)
    jmespath (1.4.0)
    json (2.3.1)
    jwt (2.2.2)
    ld-eventsource (1.0.3)
      concurrent-ruby (~> 1.0)
      http_tools (~> 0.4.5)
      socketry (~> 0.5.1)
    mime-types (3.3.1)
      mime-types-data (~> 3.2015)
    mime-types-data (3.2020.0512)
    multi_xml (0.6.0)
    multipart-post (2.1.1)
    mustermann (1.1.1)
      ruby2_keywords (~> 0.0.1)
    netaddr (2.0.4)
    octokit (4.18.0)
      faraday (>= 0.9)
      sawyer (~> 0.8.0, >= 0.5.3)
    parallel (1.19.2)
    parser (2.7.1.5)
      ast (~> 2.4.1)
    public_suffix (4.0.6)
    rack (2.2.3)
    rack-protection (2.1.0)
      rack
    rainbow (3.0.0)
    rake (13.0.1)
    regexp_parser (1.8.1)
    rexml (3.2.4)
    rspec (3.9.0)
      rspec-core (~> 3.9.0)
      rspec-expectations (~> 3.9.0)
      rspec-mocks (~> 3.9.0)
    rspec-core (3.9.3)
      rspec-support (~> 3.9.3)
    rspec-expectations (3.9.2)
      diff-lcs (>= 1.2.0, < 2.0)
      rspec-support (~> 3.9.0)
    rspec-mocks (3.9.1)
      diff-lcs (>= 1.2.0, < 2.0)
      rspec-support (~> 3.9.0)
    rspec-support (3.9.3)
    rubocop (0.92.0)
      parallel (~> 1.10)
      parser (>= 2.7.1.5)
      rainbow (>= 2.2.2, < 4.0)
      regexp_parser (>= 1.7)
      rexml
      rubocop-ast (>= 0.5.0)
      ruby-progressbar (~> 1.7)
      unicode-display_width (>= 1.4.0, < 2.0)
    rubocop-ast (0.7.1)
      parser (>= 2.7.1.5)
    ruby-debug-ide (0.7.2)
      rake (>= 0.8.1)
    ruby-progressbar (1.10.1)
    ruby2_keywords (0.0.2)
    sawyer (0.8.2)
      addressable (>= 2.3.5)
      faraday (> 0.8, < 2.0)
    sentry-raven (3.1.1)
      faraday (>= 1.0)
    sinatra (2.1.0)
      mustermann (~> 1.0)
      rack (~> 2.2)
      rack-protection (= 2.1.0)
      tilt (~> 2.0)
    socketry (0.5.1)
      hitimes (~> 1.2)
    thin (1.7.2)
      daemons (~> 1.0, >= 1.0.9)
      eventmachine (~> 1.0, >= 1.0.4)
      rack (>= 1, < 3)
    tilt (2.0.10)
    unicode-display_width (1.7.0)

PLATFORMS
  ruby

DEPENDENCIES
  bundler (~> 2.1)!
  debase!
  rake (~> 13.0)!
  rspec (~> 3.9)!
  rubocop (>= 0.88)!
  ruby-debug-ide!
  rubyprobot!

BUNDLED WITH
   2.1.4
